GIT
  remote: git://github.com/maccman/sinatra-contrib.git
  revision: 3dde2819a31791a9124d916c4449df0741af45f9
  specs:
    sinatra-contrib (1.4.1)
      multi_json
      rack-protection
      rack-test
      sinatra (~> 1.4.0)
      tilt (~> 1.3)

GEM
  remote: https://rubygems.org/
  specs:
    activemodel (4.1.16)
      activesupport (= 4.1.16)
      builder (~> 3.1)
    activerecord (4.1.16)
      activemodel (= 4.1.16)
      activesupport (= 4.1.16)
      arel (~> 5.0.0)
    activesupport (4.1.16)
      i18n (~> 0.6, >= 0.6.9)
      json (~> 1.7, >= 1.7.7)
      minitest (~> 5.1)
      thread_safe (~> 0.1)
      tzinfo (~> 1.1)
    arel (5.0.1.20140414130214)
    builder (3.2.3)
    closure-compiler (1.1.13)
    coffee-script (2.4.1)
      coffee-script-source
      execjs
    coffee-script-source (1.12.2)
    concurrent-ruby (1.0.5)
    daemons (1.2.6)
    dalli (2.7.8)
    eco (1.0.0)
      coffee-script
      eco-source
      execjs
    eco-source (1.1.0.rc.1)
    erubis (2.7.0)
    eventmachine (1.2.7)
    execjs (2.7.0)
    hike (1.2.3)
    i18n (0.9.5)
      concurrent-ruby (~> 1.0)
    iniparser (0.1.0)
    json (1.8.6)
    kgio (2.11.2)
    kramdown (1.16.2)
    logutils (0.6.1)
    markdown (1.2.0)
      kramdown (>= 1.5.0)
      props (>= 1.1.2)
      textutils (>= 0.10.0)
    memcachier (0.0.2)
    minitest (5.11.3)
    multi_json (1.13.1)
    props (1.2.0)
      iniparser (>= 0.1.0)
    rack (1.5.5)
    rack-protection (1.5.5)
      rack
    rack-ssl (1.4.1)
      rack
    rack-standards (0.0.1)
    rack-test (0.7.0)
      rack (>= 1.0, < 3)
    raindrops (0.19.0)
    rake (12.3.1)
    redcarpet (3.4.0)
    rubyzip (1.2.1)
    sinatra (1.4.8)
      rack (~> 1.5)
      rack-protection (~> 1.4)
      tilt (>= 1.3, < 3)
    sinatra-activerecord (2.0.13)
      activerecord (>= 3.2)
      sinatra (>= 1.0)
    sprockets (2.12.4)
      hike (~> 1.2)
      multi_json (~> 1.0)
      rack (~> 1.0)
      tilt (~> 1.1, != 1.3.0)
    sprockets-memcache-store (0.0.3)
      dalli
    sqlite3 (1.3.13)
    stylus (1.0.2)
      execjs
      stylus-source
    stylus-source (0.54.5)
    textutils (1.4.0)
      activesupport
      logutils (>= 0.6.1)
      props (>= 1.1.2)
      rubyzip (>= 1.0.0)
    thin (1.7.2)
      daemons (~> 1.0, >= 1.0.9)
      eventmachine (~> 1.0, >= 1.0.4)
      rack (>= 1, < 3)
    thread_safe (0.3.6)
    tilt (1.4.1)
    tzinfo (1.2.5)
      thread_safe (~> 0.1)
    uglifier (4.1.10)
      execjs (>= 0.3.0, < 3)
    unicorn (5.4.0)
      kgio (~> 2.6)
      raindrops (~> 0.7)
    yui-compressor (0.12.0)

PLATFORMS
  ruby

DEPENDENCIES
  activesupport (~> 4.1.11)
  builder
  closure-compiler
  coffee-script
  dalli
  eco
  erubis
  i18n
  json
  markdown
  memcachier
  rack (~> 1.5.4)
  rack-ssl
  rack-standards
  rake
  redcarpet
  sinatra
  sinatra-activerecord
  sinatra-contrib!
  sprockets (~> 2.12.3)
  sprockets-memcache-store
  sqlite3
  stylus
  stylus-source
  thin
  uglifier
  unicorn
  yui-compressor

RUBY VERSION
   ruby 2.1.1p76

BUNDLED WITH
   1.16.1
